GEM
  remote: https://rubygems.org/
  specs:
    actionmailer (4.2.8)
      actionpack (= 4.2.8)
      actionview (= 4.2.8)
      activejob (= 4.2.8)
      mail (~> 2.5, >= 2.5.4)
      rails-dom-testing (~> 1.0, >= 1.0.5)
    actionpack (4.2.8)
      actionview (= 4.2.8)
      activesupport (= 4.2.8)
      rack (~> 1.6)
      rack-test (~> 0.6.2)
      rails-dom-testing (~> 1.0, >= 1.0.5)
      rails-html-sanitizer (~> 1.0, >= 1.0.2)
    actionview (4.2.8)
      activesupport (= 4.2.8)
      builder (~> 3.1)
      erubis (~> 2.7.0)
      rails-dom-testing (~> 1.0, >= 1.0.5)
      rails-html-sanitizer (~> 1.0, >= 1.0.3)
    activejob (4.2.8)
      activesupport (= 4.2.8)
      globalid (>= 0.3.0)
    activemodel (4.2.8)
      activesupport (= 4.2.8)
      builder (~> 3.1)
    activerecord (4.2.8)
      activemodel (= 4.2.8)
      activesupport (= 4.2.8)
      arel (~> 6.0)
    activesupport (4.2.8)
      i18n (~> 0.7)
      minitest (~> 5.1)
      thread_safe (~> 0.3, >= 0.3.4)
      tzinfo (~> 1.1)
    addressable (2.5.0)
      public_suffix (~> 2.0, >= 2.0.2)
    arel (6.0.4)
    asset_sync (2.0.0)
      activemodel
      fog-core
      mime-types
      unf
    bcrypt (3.1.11)
    better_errors (2.1.1)
      coderay (>= 1.0.0)
      erubis (>= 2.6.6)
      rack (>= 0.9.0)
    binding_of_caller (0.7.2)
      debug_inspector (>= 0.0.1)
    bourbon (3.2.4)
      sass (~> 3.2)
      thor
    buftok (0.2.0)
    builder (3.2.3)
    capybara (2.12.1)
      addressable
      mime-types (>= 1.16)
      nokogiri (>= 1.3.3)
      rack (>= 1.0.0)
      rack-test (>= 0.5.4)
      xpath (~> 2.0)
    choice (0.2.0)
    chunky_png (1.3.8)
    climate_control (0.1.0)
    cocaine (0.5.8)
      climate_control (>= 0.0.3, < 1.0)
    coderay (1.1.1)
    coffee-rails (4.0.1)
      coffee-script (>= 2.2.0)
      railties (>= 4.0.0, < 5.0)
    coffee-script (2.4.1)
      coffee-script-source
      execjs
    coffee-script-source (1.12.2)
    concurrent-ruby (1.0.5)
    cucumber (2.4.0)
      builder (>= 2.1.2)
      cucumber-core (~> 1.5.0)
      cucumber-wire (~> 0.0.1)
      diff-lcs (>= 1.1.3)
      gherkin (~> 4.0)
      multi_json (>= 1.7.5, < 2.0)
      multi_test (>= 0.1.2)
    cucumber-core (1.5.0)
      gherkin (~> 4.0)
    cucumber-rails (1.4.5)
      capybara (>= 1.1.2, < 3)
      cucumber (>= 1.3.8, < 4)
      mime-types (>= 1.16, < 4)
      nokogiri (~> 1.5)
      railties (>= 3, < 5.1)
    cucumber-wire (0.0.1)
    database_cleaner (1.5.3)
    debug_inspector (0.0.2)
    diff-lcs (1.3)
    domain_name (0.5.20170223)
      unf (>= 0.0.5, < 1.0.0)
    dynamic_form (1.1.4)
    equalizer (0.0.11)
    erubis (2.7.0)
    excon (0.55.0)
    execjs (2.7.0)
    factory_girl (4.8.0)
      activesupport (>= 3.0.0)
    factory_girl_rails (4.8.0)
      factory_girl (~> 4.8.0)
      railties (>= 3.0.0)
    faraday (0.11.0)
      multipart-post (>= 1.2, < 3)
    fog-core (1.43.0)
      builder
      excon (~> 0.49)
      formatador (~> 0.2)
    formatador (0.2.5)
    gherkin (4.0.0)
    globalid (0.3.7)
      activesupport (>= 4.1.0)
    gruff (0.7.0)
      rmagick (~> 2.13, >= 2.13.4)
    haml (4.0.7)
      tilt
    haml-rails (0.9.0)
      actionpack (>= 4.0.1)
      activesupport (>= 4.0.1)
      haml (>= 4.0.6, < 5.0)
      html2haml (>= 1.0.1)
      railties (>= 4.0.1)
    high_voltage (3.0.0)
    hike (1.2.3)
    html2haml (2.1.0)
      erubis (~> 2.7.0)
      haml (~> 4.0)
      nokogiri (>= 1.6.0)
      ruby_parser (~> 3.5)
    http (2.2.1)
      addressable (~> 2.3)
      http-cookie (~> 1.0)
      http-form_data (~> 1.0.1)
      http_parser.rb (~> 0.6.0)
    http-cookie (1.0.3)
      domain_name (~> 0.5)
    http-form_data (1.0.1)
    http_parser.rb (0.6.0)
    httparty (0.14.0)
      multi_xml (>= 0.5.2)
    i18n (0.8.1)
    jbuilder (2.6.3)
      activesupport (>= 3.0.0, < 5.2)
      multi_json (~> 1.2)
    jquery-rails (4.2.2)
      rails-dom-testing (>= 1, < 3)
      railties (>= 4.2.0)
      thor (>= 0.14, < 2.0)
    json (2.0.3)
    loofah (2.0.3)
      nokogiri (>= 1.5.9)
    mail (2.6.4)
      mime-types (>= 1.16, < 4)
    marked-rails (0.3.2.0)
    memoizable (0.4.2)
      thread_safe (~> 0.3, >= 0.3.1)
    metaclass (0.0.4)
    method_source (0.8.2)
    mime-types (3.1)
      mime-types-data (~> 3.2015)
    mime-types-data (3.2016.0521)
    mimemagic (0.3.2)
    mini_magick (4.6.1)
    mini_portile2 (2.1.0)
    minitest (5.10.1)
    mocha (0.13.3)
      metaclass (~> 0.0.1)
    multi_json (1.12.1)
    multi_test (0.1.2)
    multi_xml (0.6.0)
    multipart-post (2.0.0)
    naught (1.1.0)
    neat (1.5.1)
      bourbon (>= 3.1)
      sass (~> 3.2.19)
    newrelic_rpm (3.18.1.330)
    nokogiri (1.7.0.1)
      mini_portile2 (~> 2.1.0)
    paperclip (5.1.0)
      activemodel (>= 4.2.0)
      activesupport (>= 4.2.0)
      cocaine (~> 0.5.5)
      mime-types
      mimemagic (~> 0.3.0)
    pg (0.20.0)
    pngqr (0.6)
      chunky_png
      rqrcode
    pry (0.10.4)
      coderay (~> 1.1.0)
      method_source (~> 0.8.1)
      slop (~> 3.4)
    pry-rails (0.3.5)
      pry (>= 0.9.10)
    public_suffix (2.0.5)
    puma (3.8.2)
    rack (1.6.5)
    rack-test (0.6.3)
      rack (>= 1.0)
    rails (4.2.8)
      actionmailer (= 4.2.8)
      actionpack (= 4.2.8)
      actionview (= 4.2.8)
      activejob (= 4.2.8)
      activemodel (= 4.2.8)
      activerecord (= 4.2.8)
      activesupport (= 4.2.8)
      bundler (>= 1.3.0, < 2.0)
      railties (= 4.2.8)
      sprockets-rails
    rails-deprecated_sanitizer (1.0.3)
      activesupport (>= 4.2.0.alpha)
    rails-dom-testing (1.0.8)
      activesupport (>= 4.2.0.beta, < 5.0)
      nokogiri (~> 1.6)
      rails-deprecated_sanitizer (>= 1.0.1)
    rails-erd (1.5.0)
      activerecord (>= 3.2)
      activesupport (>= 3.2)
      choice (~> 0.2.0)
      ruby-graphviz (~> 1.2)
    rails-html-sanitizer (1.0.3)
      loofah (~> 2.0)
    rails_12factor (0.0.3)
      rails_serve_static_assets
      rails_stdout_logging
    rails_serve_static_assets (0.0.5)
    rails_stdout_logging (0.0.5)
    railties (4.2.8)
      actionpack (= 4.2.8)
      activesupport (= 4.2.8)
      rake (>= 0.8.7)
      thor (>= 0.18.1, < 2.0)
    rake (12.0.0)
    raygun4ruby (1.4.0)
      httparty (> 0.13.7)
      json
      rack
    rdiscount (2.2.0.1)
    recaptcha (0.3.6)
    redis (3.3.3)
    rmagick (2.16.0)
    rotp (3.3.0)
    rqrcode (0.10.1)
      chunky_png (~> 1.0)
    ruby-graphviz (1.2.2)
    ruby_parser (3.8.4)
      sexp_processor (~> 4.1)
    sass (3.2.19)
    sass-rails (4.0.5)
      railties (>= 4.0.0, < 5.0)
      sass (~> 3.2.2)
      sprockets (~> 2.8, < 3.0)
      sprockets-rails (~> 2.0)
    sexp_processor (4.8.0)
    shoulda (3.5.0)
      shoulda-context (~> 1.0, >= 1.0.1)
      shoulda-matchers (>= 1.4.1, < 3.0)
    shoulda-context (1.2.2)
    shoulda-matchers (2.8.0)
      activesupport (>= 3.0.0)
    simple_oauth (0.3.1)
    slop (3.6.0)
    sprockets (2.12.4)
      hike (~> 1.2)
      multi_json (~> 1.0)
      rack (~> 1.0)
      tilt (~> 1.1, != 1.3.0)
    sprockets-rails (2.3.3)
      actionpack (>= 3.0)
      activesupport (>= 3.0)
      sprockets (>= 2.8, < 4.0)
    sucker_punch (2.0.2)
      concurrent-ruby (~> 1.0.0)
    thor (0.19.4)
    thread_safe (0.3.6)
    tilt (1.4.1)
    twitter (6.1.0)
      addressable (~> 2.5)
      buftok (~> 0.2.0)
      equalizer (= 0.0.11)
      faraday (~> 0.11.0)
      http (~> 2.1)
      http_parser.rb (~> 0.6.0)
      memoizable (~> 0.4.2)
      naught (~> 1.1)
      simple_oauth (~> 0.3.1)
    tzinfo (1.2.2)
      thread_safe (~> 0.1)
    uglifier (3.1.7)
      execjs (>= 0.3.0, < 3)
    unf (0.1.4)
      unf_ext
    unf_ext (0.0.7.2)
    validates_email_format_of (1.6.3)
      i18n
    web-console (3.3.0)
      activemodel (>= 4.2)
      debug_inspector
      railties (>= 4.2)
    xpath (2.0.0)
      nokogiri (~> 1.3)

PLATFORMS
  ruby

DEPENDENCIES
  asset_sync
  bcrypt
  better_errors
  binding_of_caller
  bourbon
  coffee-rails (~> 4.0.0)
  cucumber-rails
  database_cleaner
  dynamic_form
  factory_girl_rails
  gruff
  haml-rails
  high_voltage
  http
  jbuilder
  jquery-rails
  marked-rails
  mini_magick
  mocha (~> 0.13.3)
  neat
  newrelic_rpm
  paperclip
  pg
  pngqr
  pry-rails
  puma
  rails (~> 4.2.6)
  rails-erd
  rails_12factor
  raygun4ruby
  rdiscount
  recaptcha (~> 0.3.6)
  redis
  rotp
  sass-rails (~> 4.0.2)
  shoulda
  sucker_punch
  twitter
  uglifier (>= 1.0.3)
  unf
  validates_email_format_of
  web-console

RUBY VERSION
   ruby 2.4.0p0

BUNDLED WITH
   1.14.3
