GEM
  remote: https://rubygems.org/
  specs:
    CFPropertyList (2.3.1)
    actionmailer (4.2.1)
      actionpack (= 4.2.1)
      actionview (= 4.2.1)
      activejob (= 4.2.1)
      mail (~> 2.5, >= 2.5.4)
      rails-dom-testing (~> 1.0, >= 1.0.5)
    actionpack (4.2.1)
      actionview (= 4.2.1)
      activesupport (= 4.2.1)
      rack (~> 1.6)
      rack-test (~> 0.6.2)
      rails-dom-testing (~> 1.0, >= 1.0.5)
      rails-html-sanitizer (~> 1.0, >= 1.0.1)
    actionview (4.2.1)
      activesupport (= 4.2.1)
      builder (~> 3.1)
      erubis (~> 2.7.0)
      rails-dom-testing (~> 1.0, >= 1.0.5)
      rails-html-sanitizer (~> 1.0, >= 1.0.1)
    activejob (4.2.1)
      activesupport (= 4.2.1)
      globalid (>= 0.3.0)
    activemodel (4.2.1)
      activesupport (= 4.2.1)
      builder (~> 3.1)
    activerecord (4.2.1)
      activemodel (= 4.2.1)
      activesupport (= 4.2.1)
      arel (~> 6.0)
    activesupport (4.2.1)
      i18n (~> 0.7)
      json (~> 1.7, >= 1.7.7)
      minitest (~> 5.1)
      thread_safe (~> 0.3, >= 0.3.4)
      tzinfo (~> 1.1)
    addressable (2.3.8)
    arel (6.0.0)
    asset_sync (1.1.0)
      activemodel
      fog (>= 1.8.0)
      unf
    bcrypt (3.1.10)
    binding_of_caller (0.7.2)
      debug_inspector (>= 0.0.1)
    bourbon (3.2.4)
      sass (~> 3.2)
      thor
    buftok (0.2.0)
    builder (3.2.2)
    capybara (2.4.4)
      mime-types (>= 1.16)
      nokogiri (>= 1.3.3)
      rack (>= 1.0.0)
      rack-test (>= 0.5.4)
      xpath (~> 2.0)
    choice (0.1.7)
    chunky_png (1.3.4)
    coderay (1.1.0)
    coffee-rails (4.0.1)
      coffee-script (>= 2.2.0)
      railties (>= 4.0.0, < 5.0)
    coffee-script (2.3.0)
      coffee-script-source
      execjs
    coffee-script-source (1.9.1)
    cucumber (1.3.19)
      builder (>= 2.1.2)
      diff-lcs (>= 1.1.3)
      gherkin (~> 2.12)
      multi_json (>= 1.7.5, < 2.0)
      multi_test (>= 0.1.2)
    cucumber-rails (1.4.2)
      capybara (>= 1.1.2, < 3)
      cucumber (>= 1.3.8, < 2)
      mime-types (>= 1.16, < 3)
      nokogiri (~> 1.5)
      rails (>= 3, < 5)
    database_cleaner (1.4.1)
    debug_inspector (0.0.2)
    diff-lcs (1.2.5)
    dynamic_form (1.1.4)
    equalizer (0.0.11)
    erubis (2.7.0)
    excon (0.45.1)
    execjs (2.4.0)
    factory_girl (4.5.0)
      activesupport (>= 3.0.0)
    factory_girl_rails (4.5.0)
      factory_girl (~> 4.5.0)
      railties (>= 3.0.0)
    faraday (0.9.1)
      multipart-post (>= 1.2, < 3)
    fission (0.5.0)
      CFPropertyList (~> 2.2)
    fog (1.28.0)
      fog-atmos
      fog-aws (~> 0.0)
      fog-brightbox (~> 0.4)
      fog-core (~> 1.27, >= 1.27.3)
      fog-ecloud
      fog-json
      fog-profitbricks
      fog-radosgw (>= 0.0.2)
      fog-riakcs
      fog-sakuracloud (>= 0.0.4)
      fog-serverlove
      fog-softlayer
      fog-storm_on_demand
      fog-terremark
      fog-vmfusion
      fog-voxel
      fog-xml (~> 0.1.1)
      ipaddress (~> 0.5)
      nokogiri (~> 1.5, >= 1.5.11)
    fog-atmos (0.1.0)
      fog-core
      fog-xml
    fog-aws (0.1.1)
      fog-core (~> 1.27)
      fog-json (~> 1.0)
      fog-xml (~> 0.1)
      ipaddress (~> 0.8)
    fog-brightbox (0.7.1)
      fog-core (~> 1.22)
      fog-json
      inflecto (~> 0.0.2)
    fog-core (1.29.0)
      builder
      excon (~> 0.38)
      formatador (~> 0.2)
      mime-types
      net-scp (~> 1.1)
      net-ssh (>= 2.1.3)
    fog-ecloud (0.0.2)
      fog-core
      fog-xml
    fog-json (1.0.0)
      multi_json (~> 1.0)
    fog-profitbricks (0.0.2)
      fog-core
      fog-xml
      nokogiri
    fog-radosgw (0.0.3)
      fog-core (>= 1.21.0)
      fog-json
      fog-xml (>= 0.0.1)
    fog-riakcs (0.1.0)
      fog-core
      fog-json
      fog-xml
    fog-sakuracloud (1.0.0)
      fog-core
      fog-json
    fog-serverlove (0.1.1)
      fog-core
      fog-json
    fog-softlayer (0.4.1)
      fog-core
      fog-json
    fog-storm_on_demand (0.1.0)
      fog-core
      fog-json
    fog-terremark (0.0.4)
      fog-core
      fog-xml
    fog-vmfusion (0.0.1)
      fission
      fog-core
    fog-voxel (0.0.2)
      fog-core
      fog-xml
    fog-xml (0.1.1)
      fog-core
      nokogiri (~> 1.5, >= 1.5.11)
    formatador (0.2.5)
    gherkin (2.12.2)
      multi_json (~> 1.3)
    globalid (0.3.3)
      activesupport (>= 4.1.0)
    haml (4.0.6)
      tilt
    haml-rails (0.9.0)
      actionpack (>= 4.0.1)
      activesupport (>= 4.0.1)
      haml (>= 4.0.6, < 5.0)
      html2haml (>= 1.0.1)
      railties (>= 4.0.1)
    high_voltage (2.2.1)
    hike (1.2.3)
    html2haml (2.0.0)
      erubis (~> 2.7.0)
      haml (~> 4.0.0)
      nokogiri (~> 1.6.0)
      ruby_parser (~> 3.5)
    http (0.6.4)
      http_parser.rb (~> 0.6.0)
    http_parser.rb (0.6.0)
    i18n (0.7.0)
    inflecto (0.0.2)
    ipaddress (0.8.0)
    jquery-rails (4.0.3)
      rails-dom-testing (~> 1.0)
      railties (>= 4.2.0)
      thor (>= 0.14, < 2.0)
    json (1.8.2)
    loofah (2.0.1)
      nokogiri (>= 1.5.9)
    mail (2.6.3)
      mime-types (>= 1.16, < 3)
    marked-rails (0.3.2.0)
    memoizable (0.4.2)
      thread_safe (~> 0.3, >= 0.3.1)
    metaclass (0.0.4)
    method_source (0.8.2)
    mime-types (2.4.3)
    mini_magick (4.2.0)
    mini_portile (0.6.2)
    minitest (5.5.1)
    mocha (0.13.3)
      metaclass (~> 0.0.1)
    multi_json (1.11.0)
    multi_test (0.1.2)
    multipart-post (2.0.0)
    naught (1.0.0)
    net-scp (1.2.1)
      net-ssh (>= 2.6.5)
    net-ssh (2.9.2)
    newrelic_rpm (3.11.1.284)
    nokogiri (1.6.6.2)
      mini_portile (~> 0.6.0)
    pg (0.18.1)
    pngqr (0.6)
      chunky_png
      rqrcode
    pry (0.10.1)
      coderay (~> 1.1.0)
      method_source (~> 0.8.1)
      slop (~> 3.4)
    pry-rails (0.3.4)
      pry (>= 0.9.10)
    puma (2.11.1)
      rack (>= 1.1, < 2.0)
    rack (1.6.0)
    rack-test (0.6.3)
      rack (>= 1.0)
    rails (4.2.1)
      actionmailer (= 4.2.1)
      actionpack (= 4.2.1)
      actionview (= 4.2.1)
      activejob (= 4.2.1)
      activemodel (= 4.2.1)
      activerecord (= 4.2.1)
      activesupport (= 4.2.1)
      bundler (>= 1.3.0, < 2.0)
      railties (= 4.2.1)
      sprockets-rails
    rails-deprecated_sanitizer (1.0.3)
      activesupport (>= 4.2.0.alpha)
    rails-dom-testing (1.0.6)
      activesupport (>= 4.2.0.beta, < 5.0)
      nokogiri (~> 1.6.0)
      rails-deprecated_sanitizer (>= 1.0.1)
    rails-erd (1.3.1)
      activerecord (>= 3.2)
      activesupport (>= 3.2)
      choice (~> 0.1.6)
      ruby-graphviz (~> 1.0.4)
    rails-html-sanitizer (1.0.2)
      loofah (~> 2.0)
    rails_12factor (0.0.3)
      rails_serve_static_assets
      rails_stdout_logging
    rails_serve_static_assets (0.0.4)
    rails_stdout_logging (0.0.3)
    railties (4.2.1)
      actionpack (= 4.2.1)
      activesupport (= 4.2.1)
      rake (>= 0.8.7)
      thor (>= 0.18.1, < 2.0)
    rake (10.4.2)
    rdiscount (2.1.8)
    recaptcha (0.3.6)
    rotp (2.1.0)
    rqrcode (0.4.2)
    ruby-graphviz (1.0.9)
    ruby_parser (3.6.5)
      sexp_processor (~> 4.1)
    sass (3.2.19)
    sass-rails (4.0.5)
      railties (>= 4.0.0, < 5.0)
      sass (~> 3.2.2)
      sprockets (~> 2.8, < 3.0)
      sprockets-rails (~> 2.0)
    sexp_processor (4.5.0)
    shoulda (3.5.0)
      shoulda-context (~> 1.0, >= 1.0.1)
      shoulda-matchers (>= 1.4.1, < 3.0)
    shoulda-context (1.2.1)
    shoulda-matchers (2.8.0)
      activesupport (>= 3.0.0)
    simple_oauth (0.3.1)
    slop (3.6.0)
    sprockets (2.12.3)
      hike (~> 1.2)
      multi_json (~> 1.0)
      rack (~> 1.0)
      tilt (~> 1.1, != 1.3.0)
    sprockets-rails (2.2.4)
      actionpack (>= 3.0)
      activesupport (>= 3.0)
      sprockets (>= 2.8, < 4.0)
    thor (0.19.1)
    thread_safe (0.3.5)
    tilt (1.4.1)
    twitter (5.14.0)
      addressable (~> 2.3)
      buftok (~> 0.2.0)
      equalizer (~> 0.0.9)
      faraday (~> 0.9.0)
      http (~> 0.6.0)
      http_parser.rb (~> 0.6.0)
      json (~> 1.8)
      memoizable (~> 0.4.0)
      naught (~> 1.0)
      simple_oauth (~> 0.3.0)
    tzinfo (1.2.2)
      thread_safe (~> 0.1)
    uglifier (2.7.1)
      execjs (>= 0.3.0)
      json (>= 1.8.0)
    unf (0.1.4)
      unf_ext
    unf_ext (0.0.6)
    validates_email_format_of (1.6.2)
      i18n
    xpath (2.0.0)
      nokogiri (~> 1.3)

PLATFORMS
  ruby

DEPENDENCIES
  asset_sync
  bcrypt
  binding_of_caller
  bourbon
  coffee-rails (~> 4.0.0)
  cucumber-rails
  database_cleaner
  dynamic_form
  factory_girl_rails
  haml-rails
  high_voltage
  jquery-rails
  marked-rails
  mini_magick
  mocha (~> 0.13.3)
  newrelic_rpm
  pg
  pngqr
  pry-rails
  puma
  rails (~> 4.2.0)
  rails-erd
  rails_12factor
  rdiscount
  recaptcha (~> 0.3.6)
  rotp
  sass-rails (~> 4.0.2)
  shoulda
  twitter
  uglifier (>= 1.0.3)
  unf
  validates_email_format_of
